GEM
  remote: https://rubygems.org/
  specs:
    faker (1.6.6)
      i18n (~> 0.5)
    i18n (0.7.0)
    pg (0.18.4-x64-mingw32)

PLATFORMS
  x64-mingw32

DEPENDENCIES
  faker
  pg

BUNDLED WITH
   1.12.5
